GEM
  remote: https://rubygems.org/
  specs:
    dogstatsd-ruby (2.2.0)
    puma (3.8.2)
    rack (1.6.4)
    rack-protection (1.5.3)
      rack
    sinatra (1.4.6)
      rack (~> 1.4)
      rack-protection (~> 1.4)
      tilt (>= 1.3, < 3)
    tilt (2.0.1)

PLATFORMS
  ruby

DEPENDENCIES
  dogstatsd-ruby
  puma
  sinatra

BUNDLED WITH
   1.14.6
